GEM
  remote: https://rubygems.org/
  specs:
    async (2.0.1)
      console (~> 1.10)
      io-event (~> 1.0.0)
      timers (~> 4.1)
    async-http (0.56.5)
      async (>= 1.25)
      async-io (>= 1.28)
      async-pool (>= 0.2)
      protocol-http (~> 0.22.0)
      protocol-http1 (~> 0.14.0)
      protocol-http2 (~> 0.14.0)
    async-io (1.33.0)
      async
    async-pool (0.3.9)
      async (>= 1.25)
    console (1.15.0)
      fiber-local
    fiber-local (1.0.0)
    io-event (1.0.5)
    nokogiri (1.13.3-x86_64-darwin)
      racc (~> 1.4)
    pastel (0.8.0)
      tty-color (~> 0.5)
    protocol-hpack (1.4.2)
    protocol-http (0.22.5)
    protocol-http1 (0.14.2)
      protocol-http (~> 0.22)
    protocol-http2 (0.14.2)
      protocol-hpack (~> 1.4)
      protocol-http (~> 0.18)
    racc (1.6.0)
    strings-ansi (0.2.0)
    timers (4.3.3)
    tty-color (0.6.0)
    tty-cursor (0.7.1)
    tty-progressbar (0.18.2)
      strings-ansi (~> 0.2)
      tty-cursor (~> 0.7)
      tty-screen (~> 0.8)
      unicode-display_width (>= 1.6, < 3.0)
    tty-prompt (0.23.1)
      pastel (~> 0.8)
      tty-reader (~> 0.8)
    tty-reader (0.9.0)
      tty-cursor (~> 0.7)
      tty-screen (~> 0.8)
      wisper (~> 2.0)
    tty-screen (0.8.1)
    unicode-display_width (2.1.0)
    wisper (2.0.1)

PLATFORMS
  x86_64-darwin-20

DEPENDENCIES
  async
  async-http
  nokogiri
  tty-progressbar
  tty-prompt

BUNDLED WITH
   2.3.7
